GEM
  remote: http://rubygems.org/
  specs:
    sass (3.4.22)

PLATFORMS
  ruby

DEPENDENCIES
  sass (~> 3.4, >= 3.4.22)

BUNDLED WITH
   1.13.6
